PATH
  remote: .
  specs:
    t_algebra (0.1.5)

GEM
  remote: https://rubygems.org/
  specs:
    benchmark-ips (2.9.2)
    concurrent-ruby (1.1.9)
    diff-lcs (1.4.4)
    dry-core (0.7.1)
      concurrent-ruby (~> 1.0)
    dry-monads (1.4.0)
      concurrent-ruby (~> 1.0)
      dry-core (~> 0.7)
    rake (12.3.3)
    rspec (3.10.0)
      rspec-core (~> 3.10.0)
      rspec-expectations (~> 3.10.0)
      rspec-mocks (~> 3.10.0)
    rspec-core (3.10.1)
      rspec-support (~> 3.10.0)
    rspec-expectations (3.10.1)
      diff-lcs (>= 1.2.0, < 2.0)
      rspec-support (~> 3.10.0)
    rspec-mocks (3.10.2)
      diff-lcs (>= 1.2.0, < 2.0)
      rspec-support (~> 3.10.0)
    rspec-support (3.10.3)

PLATFORMS
  ruby

DEPENDENCIES
  benchmark-ips
  dry-monads
  rake (~> 12.0)
  rspec (~> 3.0)
  t_algebra!

BUNDLED WITH
   2.1.4
